PATH
  remote: .
  specs:
    senotify (0.1.0)
      dotenv
      htmlentities (~> 4.3.4)
      methadone (~> 1.9.2)
      ruby-stackoverflow

PATH
  remote: /home/alexd/code/ruby-stackoverflow
  specs:
    ruby-stackoverflow (0.0.3)
      httparty (~> 0.11)
      json

GEM
  remote: https://rubygems.org/
  specs:
    activesupport (5.2.6)
      concurrent-ruby (~> 1.0, >= 1.0.2)
      i18n (>= 0.7, < 2)
      minitest (~> 5.1)
      tzinfo (~> 1.1)
    aruba (1.1.2)
      bundler (>= 1.17, < 3.0)
      childprocess (>= 2.0, < 5.0)
      contracts (>= 0.16.0, < 0.18.0)
      cucumber (>= 2.4, < 7.0)
      rspec-expectations (~> 3.4)
      thor (~> 1.0)
    awesome_print (1.9.2)
    builder (3.2.4)
    childprocess (4.1.0)
    coderay (1.1.3)
    concurrent-ruby (1.1.9)
    contracts (0.16.1)
    cucumber (4.1.0)
      builder (~> 3.2, >= 3.2.3)
      cucumber-core (~> 7.1, >= 7.1.0)
      cucumber-create-meta (~> 1.0.0, >= 1.0.0)
      cucumber-cucumber-expressions (~> 10.1, >= 10.1.0)
      cucumber-gherkin (~> 14.0, >= 14.0.1)
      cucumber-html-formatter (~> 7.0, >= 7.0.0)
      cucumber-messages (~> 12.2, >= 12.2.0)
      cucumber-wire (~> 3.1, >= 3.1.0)
      diff-lcs (~> 1.3, >= 1.3, < 1.4)
      multi_test (~> 0.1, >= 0.1.2)
      sys-uname (~> 1.0, >= 1.0.2)
    cucumber-core (7.1.0)
      cucumber-gherkin (~> 14.0, >= 14.0.1)
      cucumber-messages (~> 12.2, >= 12.2.0)
      cucumber-tag-expressions (~> 2.0, >= 2.0.4)
    cucumber-create-meta (1.0.0)
      cucumber-messages (~> 12.2, >= 12.2.0)
      sys-uname (~> 1.2, >= 1.2.1)
    cucumber-cucumber-expressions (10.3.0)
    cucumber-gherkin (14.2.0)
      cucumber-messages (~> 12.4, >= 12.4.0)
    cucumber-html-formatter (7.2.0)
      cucumber-messages (~> 12.4, >= 12.4.0)
    cucumber-messages (12.4.0)
      protobuf-cucumber (~> 3.10, >= 3.10.8)
    cucumber-tag-expressions (2.0.4)
    cucumber-wire (3.1.0)
      cucumber-core (~> 7.1, >= 7.1.0)
      cucumber-cucumber-expressions (~> 10.1, >= 10.1.0)
      cucumber-messages (~> 12.2, >= 12.2.0)
    diff-lcs (1.3)
    dotenv (2.7.6)
    ffi (1.15.4)
    htmlentities (4.3.4)
    httparty (0.19.0)
      mime-types (~> 3.0)
      multi_xml (>= 0.5.2)
    i18n (1.8.10)
      concurrent-ruby (~> 1.0)
    json (2.5.1)
    methadone (1.9.5)
      bundler
    method_source (1.0.0)
    middleware (0.1.0)
    mime-types (3.3.1)
      mime-types-data (~> 3.2015)
    mime-types-data (3.2021.0901)
    minitest (5.14.4)
    multi_test (0.1.2)
    multi_xml (0.6.0)
    power_assert (2.0.1)
    protobuf-cucumber (3.10.8)
      activesupport (>= 3.2)
      middleware
      thor
      thread_safe
    pry (0.14.1)
      coderay (~> 1.1)
      method_source (~> 1.0)
    rake (13.0.6)
    rdoc (6.3.2)
    rspec (3.10.0)
      rspec-core (~> 3.10.0)
      rspec-expectations (~> 3.10.0)
      rspec-mocks (~> 3.10.0)
    rspec-core (3.10.1)
      rspec-support (~> 3.10.0)
    rspec-expectations (3.10.1)
      diff-lcs (>= 1.2.0, < 2.0)
      rspec-support (~> 3.10.0)
    rspec-mocks (3.10.2)
      diff-lcs (>= 1.2.0, < 2.0)
      rspec-support (~> 3.10.0)
    rspec-support (3.10.2)
    sys-uname (1.2.2)
      ffi (~> 1.1)
    test-unit (3.4.7)
      power_assert
    thor (1.1.0)
    thread_safe (0.3.6)
    tzinfo (1.2.9)
      thread_safe (~> 0.1)

PLATFORMS
  ruby

DEPENDENCIES
  aruba
  awesome_print
  bundler (~> 1.0)
  pry
  rake (>= 12.3.3)
  rdoc
  rspec (~> 3)
  ruby-stackoverflow!
  senotify!
  test-unit

BUNDLED WITH
   1.17.3
